GEM
  remote: http://rubygems.org/
  specs:
    chunky_png (1.2.5)
    compass (0.12.1)
      chunky_png (~> 1.2)
      fssm (>= 0.2.7)
      sass (~> 3.1)
    fssm (0.2.9)
    oily_png (1.0.2)
      chunky_png (~> 1.2.1)
    sass (3.1.19)

PLATFORMS
  ruby

DEPENDENCIES
  compass
  oily_png
